GEM
  remote: http://rubygems.org/
  specs:
    colorize (0.5.8)
    plist (3.1.0)

PLATFORMS
  ruby

DEPENDENCIES
  colorize
  plist
